GIT
  remote: git://github.com/spree/spree_email_to_friend.git
  revision: 4a454f12929862cf3d624fefa8a6ca970674e244
  specs:
    spree_email_to_friend (1.2)
      recaptcha (>= 0.3.1)
      spree_auth (>= 1.0.0)
      spree_core (>= 1.0.0)

GIT
  remote: git://github.com/spree/spree_i18n.git
  revision: 7d291ecd11b271db39a0d350b94b91a922155554
  specs:
    spree_i18n (1.0.0)
      i18n (~> 0.5)
      spree (~> 1.1)

GIT
  remote: git://github.com/spree/spree_paypal_express.git
  revision: b06a083c55c8e52a0dd3d9bbce384559a65c3af3
  specs:
    spree_paypal_express (1.1.0)
      spree_auth (>= 1.0.0)
      spree_core (>= 1.0.0)

GIT
  remote: git://github.com/spree/spree_recently_viewed.git
  revision: 94da8eae4286fd5eac4319e21dffb0980a2e6d0a
  specs:
    spree_recently_viewed (1.1)
      spree_core (>= 1.0.0)

GIT
  remote: git://github.com/spree/spree_related_products.git
  revision: 4c7eeea58273ae59775c24ca21f9eb0719f2295c
  specs:
    spree_related_products (3.2)
      spree_core (~> 1.1.0)
      spree_promo (~> 1.1.0)

GIT
  remote: git://github.com/spree/spree_social.git
  revision: 388c31142ed8392dbf476acb9b2a41173f7f9ec6
  specs:
    spree_social (2.1.0)
      oa-core
      omniauth
      omniauth-facebook
      omniauth-github
      omniauth-twitter
      spree_auth (~> 1.1.0)
      spree_core (~> 1.1.0)

GIT
  remote: git://github.com/spree/spree_wishlist.git
  revision: 84e3bdcb2838ea334fd8c3fe9f5066271fef829c
  specs:
    spree_wishlist (1.3)
      spree_auth (>= 1.1.0.rc2)
      spree_core (>= 1.1.0.rc2)

GEM
  remote: https://rubygems.org/
  specs:
    actionmailer (3.2.8)
      actionpack (= 3.2.8)
      mail (~> 2.4.4)
    actionpack (3.2.8)
      activemodel (= 3.2.8)
      activesupport (= 3.2.8)
      builder (~> 3.0.0)
      erubis (~> 2.7.0)
      journey (~> 1.0.4)
      rack (~> 1.4.0)
      rack-cache (~> 1.2)
      rack-test (~> 0.6.1)
      sprockets (~> 2.1.3)
    active_utils (1.0.4)
      activesupport (>= 2.3.11)
      i18n
    activemerchant (1.20.4)
      active_utils (>= 1.0.2)
      activesupport (>= 2.3.11)
      braintree (>= 2.0.0)
      builder (>= 2.0.0)
      i18n
      json (>= 1.5.1)
      money (<= 3.7.1)
    activemodel (3.2.8)
      activesupport (= 3.2.8)
      builder (~> 3.0.0)
    activerecord (3.2.8)
      activemodel (= 3.2.8)
      activesupport (= 3.2.8)
      arel (~> 3.0.2)
      tzinfo (~> 0.3.29)
    activeresource (3.2.8)
      activemodel (= 3.2.8)
      activesupport (= 3.2.8)
    activesupport (3.2.8)
      i18n (~> 0.6)
      multi_json (~> 1.0)
    acts_as_list (0.1.4)
    akami (1.2.0)
      gyoku (>= 0.4.0)
      nokogiri (>= 1.4.0)
    arel (3.0.2)
    aws-sdk (1.3.9)
      httparty (~> 0.7)
      json (~> 1.4)
      nokogiri (>= 1.4.4)
      uuidtools (~> 2.1)
    bcrypt-ruby (3.0.1)
    braintree (2.16.0)
      builder (>= 2.0.0)
    builder (3.0.0)
    cancan (1.6.7)
    cocaine (0.2.1)
    coffee-rails (3.2.2)
      coffee-script (>= 2.2.0)
      railties (~> 3.2.0)
    coffee-script (2.2.0)
      coffee-script-source
      execjs
    coffee-script-source (1.3.3)
    deface (0.9.1)
      nokogiri (~> 1.5.0)
      rails (~> 3.1)
    devise (2.0.4)
      bcrypt-ruby (~> 3.0)
      orm_adapter (~> 0.0.3)
      railties (~> 3.1)
      warden (~> 1.1.1)
    erubis (2.7.0)
    execjs (1.4.0)
      multi_json (~> 1.0)
    faraday (0.8.4)
      multipart-post (~> 1.1)
    ffaker (1.12.1)
    gyoku (0.4.6)
      builder (>= 2.1.2)
    hashie (1.2.0)
    highline (1.6.11)
    hike (1.2.1)
    httparty (0.8.3)
      multi_json (~> 1.0)
      multi_xml
    httpauth (0.1)
    httpi (1.1.1)
      rack
    i18n (0.6.0)
    journey (1.0.4)
    jquery-rails (2.0.3)
      railties (>= 3.1.0, < 5.0)
      thor (~> 0.14)
    json (1.7.5)
    jwt (0.1.5)
      multi_json (>= 1.0)
    kaminari (0.13.0)
      actionpack (>= 3.0.0)
      activesupport (>= 3.0.0)
      railties (>= 3.0.0)
    mail (2.4.4)
      i18n (>= 0.4.0)
      mime-types (~> 1.16)
      treetop (~> 1.4.8)
    mime-types (1.19)
    money (3.7.1)
      i18n (~> 0.4)
    multi_json (1.3.6)
    multi_xml (0.5.1)
    multipart-post (1.1.5)
    mysql2 (0.3.11)
    nested_set (1.7.0)
      activerecord (>= 3.0.0)
      railties (>= 3.0.0)
    nokogiri (1.5.5)
    nori (1.1.3)
    oa-core (0.3.2)
    oauth (0.4.6)
    oauth2 (0.8.0)
      faraday (~> 0.8)
      httpauth (~> 0.1)
      jwt (~> 0.1.4)
      multi_json (~> 1.0)
      rack (~> 1.2)
    omniauth (1.1.1)
      hashie (~> 1.2)
      rack
    omniauth-facebook (1.4.1)
      omniauth-oauth2 (~> 1.1.0)
    omniauth-github (1.0.3)
      omniauth (~> 1.0)
      omniauth-oauth2 (~> 1.1)
    omniauth-oauth (1.0.1)
      oauth
      omniauth (~> 1.0)
    omniauth-oauth2 (1.1.0)
      oauth2 (~> 0.8.0)
      omniauth (~> 1.0)
    omniauth-twitter (0.0.12)
      multi_json (~> 1.3)
      omniauth-oauth (~> 1.0)
    orm_adapter (0.0.7)
    paperclip (2.7.0)
      activerecord (>= 2.3.0)
      activesupport (>= 2.3.2)
      cocaine (>= 0.0.2)
      mime-types
    polyamorous (0.5.0)
      activerecord (~> 3.0)
    polyglot (0.3.3)
    rabl (0.6.5)
      activesupport (>= 2.3.14)
      multi_json (~> 1.0)
    rack (1.4.1)
    rack-cache (1.2)
      rack (>= 0.4)
    rack-ssl (1.3.2)
      rack
    rack-test (0.6.1)
      rack (>= 1.0)
    rails (3.2.8)
      actionmailer (= 3.2.8)
      actionpack (= 3.2.8)
      activerecord (= 3.2.8)
      activeresource (= 3.2.8)
      activesupport (= 3.2.8)
      bundler (~> 1.0)
      railties (= 3.2.8)
    railties (3.2.8)
      actionpack (= 3.2.8)
      activesupport (= 3.2.8)
      rack-ssl (~> 1.3.2)
      rake (>= 0.8.7)
      rdoc (~> 3.4)
      thor (>= 0.14.6, < 2.0)
    rake (0.9.2.2)
    ransack (0.6.0)
      actionpack (~> 3.0)
      activerecord (~> 3.0)
      polyamorous (~> 0.5.0)
    rdoc (3.12)
      json (~> 1.4)
    recaptcha (0.3.4)
    sass (3.2.1)
    sass-rails (3.2.5)
      railties (~> 3.2.0)
      sass (>= 3.1.10)
      tilt (~> 1.3)
    savon (1.1.0)
      akami (~> 1.2.0)
      builder (>= 2.1.2)
      gyoku (~> 0.4.5)
      httpi (~> 1.1.0)
      nokogiri (>= 1.4.0)
      nori (~> 1.1.0)
      wasabi (~> 2.5.0)
    spree (1.1.3)
      spree_api (= 1.1.3)
      spree_auth (= 1.1.3)
      spree_cmd (= 1.1.3)
      spree_core (= 1.1.3)
      spree_dash (= 1.1.3)
      spree_promo (= 1.1.3)
      spree_sample (= 1.1.3)
    spree_api (1.1.3)
      rabl (= 0.6.5)
      spree_auth (= 1.1.3)
      spree_core (= 1.1.3)
    spree_auth (1.1.3)
      cancan (= 1.6.7)
      devise (~> 2.0.0)
      spree_core (= 1.1.3)
    spree_cmd (1.1.3)
      thor (>= 0.14.6)
    spree_core (1.1.3)
      activemerchant (= 1.20.4)
      acts_as_list (= 0.1.4)
      aws-sdk (~> 1.3.4)
      deface (>= 0.9.0)
      ffaker (~> 1.12.0)
      highline (= 1.6.11)
      jquery-rails (~> 2.0.0)
      kaminari (>= 0.13.0)
      nested_set (= 1.7.0)
      paperclip (~> 2.7)
      rails (~> 3.2.6)
      ransack (~> 0.6.0)
      state_machine (= 1.1.2)
      stringex (~> 1.3.2)
    spree_dash (1.1.3)
      httparty (~> 0.8.1)
      spree_auth (= 1.1.3)
      spree_core (= 1.1.3)
    spree_promo (1.1.3)
      spree_auth (= 1.1.3)
      spree_core (= 1.1.3)
    spree_sample (1.1.3)
      spree_core (= 1.1.3)
    spree_skrill (1.0.2)
      spree_core (>= 1.0.0)
    spree_usa_epay (1.0.2)
      savon
      spree_core (>= 1.0.0)
    sprockets (2.1.3)
      hike (~> 1.2)
      rack (~> 1.0)
      tilt (~> 1.1, != 1.3.0)
    state_machine (1.1.2)
    stringex (1.3.3)
    thor (0.16.0)
    tilt (1.3.3)
    treetop (1.4.10)
      polyglot
      polyglot (>= 0.3.1)
    tzinfo (0.3.33)
    uglifier (1.2.7)
      execjs (>= 0.3.0)
      multi_json (~> 1.3)
    uuidtools (2.1.3)
    warden (1.1.1)
      rack (>= 1.0)
    wasabi (2.5.1)
      httpi (~> 1.0)
      nokogiri (>= 1.4.0)

PLATFORMS
  ruby

DEPENDENCIES
  coffee-rails (~> 3.2.1)
  jquery-rails
  mysql2
  rails (= 3.2.8)
  sass-rails (~> 3.2.3)
  spree (= 1.1.3)
  spree_email_to_friend!
  spree_i18n!
  spree_paypal_express!
  spree_recently_viewed!
  spree_related_products!
  spree_skrill
  spree_social!
  spree_usa_epay
  spree_wishlist!
  uglifier (>= 1.0.3)
